GIT
  remote: git://github.com/solidusio/solidus.git
  revision: 71dbc1c08bcd04876dfff604d46e87a714b0da29
  branch: master
  specs:
    solidus (2.2.0.alpha)
      solidus_api (= 2.2.0.alpha)
      solidus_backend (= 2.2.0.alpha)
      solidus_core (= 2.2.0.alpha)
      solidus_frontend (= 2.2.0.alpha)
      solidus_sample (= 2.2.0.alpha)
    solidus_api (2.2.0.alpha)
      rabl (= 0.13.0)
      solidus_core (= 2.2.0.alpha)
      versioncake (~> 3.0)
    solidus_backend (2.2.0.alpha)
      bourbon (>= 4, < 6)
      coffee-rails
      font-awesome-rails (~> 4.0)
      handlebars_assets (~> 0.23)
      jquery-rails
      jquery-ui-rails (~> 5.0.0)
      sass-rails
      select2-rails (= 3.5.9.1)
      solidus_api (= 2.2.0.alpha)
      solidus_core (= 2.2.0.alpha)
    solidus_core (2.2.0.alpha)
      activemerchant (~> 1.48)
      acts_as_list (~> 0.3)
      awesome_nested_set (~> 3.0, >= 3.0.1)
      cancancan (~> 1.10)
      carmen (~> 1.0.0)
      ffaker (~> 2.0)
      friendly_id (~> 5.0)
      highline (~> 1.7)
      kaminari (~> 0.15, >= 0.15.1)
      monetize (~> 1.1)
      paperclip (~> 4.2)
      paranoia (~> 2.2.0.pre)
      premailer-rails
      rails (~> 5.0.0)
      ransack (~> 1.8)
      responders
      state_machines-activerecord (~> 0.4)
      stringex (~> 1.5.1)
      truncate_html (~> 0.9, >= 0.9.2)
      twitter_cldr (~> 3.0)
    solidus_frontend (2.2.0.alpha)
      canonical-rails (~> 0.1.1)
      coffee-rails
      font-awesome-rails (~> 4.0)
      jquery-rails
      sass-rails
      solidus_api (= 2.2.0.alpha)
      solidus_core (= 2.2.0.alpha)
    solidus_sample (2.2.0.alpha)
      solidus_core (= 2.2.0.alpha)

PATH
  remote: .
  specs:
    solidus_shipwire (1.0.0)
      shipwire (~> 2.0)
      solidus_backend (>= 1.0.6, < 3)
      solidus_core (>= 1.0.6, < 3)

GEM
  remote: https://rubygems.org/
  specs:
    actioncable (5.0.1)
      actionpack (= 5.0.1)
      nio4r (~> 1.2)
      websocket-driver (~> 0.6.1)
    actionmailer (5.0.1)
      actionpack (= 5.0.1)
      actionview (= 5.0.1)
      activejob (= 5.0.1)
      mail (~> 2.5, >= 2.5.4)
      rails-dom-testing (~> 2.0)
    actionpack (5.0.1)
      actionview (= 5.0.1)
      activesupport (= 5.0.1)
      rack (~> 2.0)
      rack-test (~> 0.6.3)
      rails-dom-testing (~> 2.0)
      rails-html-sanitizer (~> 1.0, >= 1.0.2)
    actionview (5.0.1)
      activesupport (= 5.0.1)
      builder (~> 3.1)
      erubis (~> 2.7.0)
      rails-dom-testing (~> 2.0)
      rails-html-sanitizer (~> 1.0, >= 1.0.2)
    activejob (5.0.1)
      activesupport (= 5.0.1)
      globalid (>= 0.3.6)
    activemerchant (1.63.0)
      activesupport (>= 3.2.14, < 5.1)
      builder (>= 2.1.2, < 4.0.0)
      i18n (>= 0.6.9)
      nokogiri (~> 1.4)
    activemodel (5.0.1)
      activesupport (= 5.0.1)
    activerecord (5.0.1)
      activemodel (= 5.0.1)
      activesupport (= 5.0.1)
      arel (~> 7.0)
    activesupport (5.0.1)
      concurrent-ruby (~> 1.0, >= 1.0.2)
      i18n (~> 0.7)
      minitest (~> 5.1)
      tzinfo (~> 1.1)
    acts_as_list (0.9.2)
      activerecord (>= 3.0)
    addressable (2.5.0)
      public_suffix (~> 2.0, >= 2.0.2)
    arel (7.1.4)
    awesome_nested_set (3.1.1)
      activerecord (>= 4.0.0, < 5.1)
    bourbon (4.3.1)
      sass (~> 3.4)
      thor (~> 0.19)
    builder (3.2.3)
    camertron-eprun (1.1.1)
    cancancan (1.15.0)
    canonical-rails (0.1.2)
      rails (>= 4.1, < 5.1)
    carmen (1.0.2)
      activesupport (>= 3.0.0)
    cldr-plurals-runtime-rb (1.0.1)
    climate_control (0.1.0)
    cocaine (0.5.8)
      climate_control (>= 0.0.3, < 1.0)
    coffee-rails (4.2.1)
      coffee-script (>= 2.2.0)
      railties (>= 4.0.0, < 5.2.x)
    coffee-script (2.4.1)
      coffee-script-source
      execjs
    coffee-script-source (1.12.2)
    concurrent-ruby (1.0.4)
    crack (0.4.3)
      safe_yaml (~> 1.0.0)
    css_parser (1.4.8)
      addressable
    deep_merge (1.0.1)
    diff-lcs (1.3)
    erubis (2.7.0)
    execjs (2.7.0)
    factory_girl (4.8.0)
      activesupport (>= 3.0.0)
    faraday (0.9.2)
      multipart-post (>= 1.2, < 3)
    faraday_middleware (0.10.1)
      faraday (>= 0.7.4, < 1.0)
    ffaker (2.4.0)
    font-awesome-rails (4.7.0.1)
      railties (>= 3.2, < 5.1)
    friendly_id (5.2.0)
      activerecord (>= 4.0.0)
    globalid (0.3.7)
      activesupport (>= 4.1.0)
    handlebars_assets (0.23.1)
      execjs (~> 2.0)
      multi_json (~> 1.0)
      sprockets (>= 2.0.0)
      tilt (>= 1.2)
    hashdiff (0.3.2)
    highline (1.7.8)
    htmlentities (4.3.4)
    i18n (0.7.0)
    jquery-rails (4.2.2)
      rails-dom-testing (>= 1, < 3)
      railties (>= 4.2.0)
      thor (>= 0.14, < 2.0)
    jquery-ui-rails (5.0.5)
      railties (>= 3.2.16)
    kaminari (0.17.0)
      actionpack (>= 3.0.0)
      activesupport (>= 3.0.0)
    loofah (2.0.3)
      nokogiri (>= 1.5.9)
    mail (2.6.4)
      mime-types (>= 1.16, < 4)
    method_source (0.8.2)
    mime-types (3.1)
      mime-types-data (~> 3.2015)
    mime-types-data (3.2016.0521)
    mimemagic (0.3.0)
    mini_portile2 (2.1.0)
    minitest (5.10.1)
    monetize (1.6.0)
      money (~> 6.8)
    money (6.8.1)
      i18n (>= 0.6.4, <= 0.7.0)
      sixarm_ruby_unaccent (>= 1.1.1, < 2)
    multi_json (1.12.1)
    multipart-post (2.0.0)
    mysql2 (0.4.5)
    nio4r (1.2.1)
    nokogiri (1.7.0.1)
      mini_portile2 (~> 2.1.0)
    paperclip (4.3.7)
      activemodel (>= 3.2.0)
      activesupport (>= 3.2.0)
      cocaine (~> 0.5.5)
      mime-types
      mimemagic (= 0.3.0)
    paranoia (2.2.0)
      activerecord (>= 4.0, < 5.1)
    pg (0.19.0)
    polyamorous (1.3.1)
      activerecord (>= 3.0)
    premailer (1.9.2)
      css_parser (>= 1.4.8)
      htmlentities (>= 4.0.0)
    premailer-rails (1.9.5)
      actionmailer (>= 3, < 6)
      premailer (~> 1.7, >= 1.7.9)
    public_suffix (2.0.5)
    rabl (0.13.0)
      activesupport (>= 2.3.14)
    rack (2.0.1)
    rack-test (0.6.3)
      rack (>= 1.0)
    rails (5.0.1)
      actioncable (= 5.0.1)
      actionmailer (= 5.0.1)
      actionpack (= 5.0.1)
      actionview (= 5.0.1)
      activejob (= 5.0.1)
      activemodel (= 5.0.1)
      activerecord (= 5.0.1)
      activesupport (= 5.0.1)
      bundler (>= 1.3.0, < 2.0)
      railties (= 5.0.1)
      sprockets-rails (>= 2.0.0)
    rails-controller-testing (1.0.1)
      actionpack (~> 5.x)
      actionview (~> 5.x)
      activesupport (~> 5.x)
    rails-dom-testing (2.0.2)
      activesupport (>= 4.2.0, < 6.0)
      nokogiri (~> 1.6)
    rails-html-sanitizer (1.0.3)
      loofah (~> 2.0)
    railties (5.0.1)
      actionpack (= 5.0.1)
      activesupport (= 5.0.1)
      method_source
      rake (>= 0.8.7)
      thor (>= 0.18.1, < 2.0)
    rake (12.0.0)
    ransack (1.8.2)
      actionpack (>= 3.0)
      activerecord (>= 3.0)
      activesupport (>= 3.0)
      i18n
      polyamorous (~> 1.3)
    recursive-open-struct (0.6.5)
    responders (2.3.0)
      railties (>= 4.2.0, < 5.1)
    rspec-core (3.5.4)
      rspec-support (~> 3.5.0)
    rspec-expectations (3.5.0)
      diff-lcs (>= 1.2.0, < 2.0)
      rspec-support (~> 3.5.0)
    rspec-mocks (3.5.0)
      diff-lcs (>= 1.2.0, < 2.0)
      rspec-support (~> 3.5.0)
    rspec-rails (3.5.2)
      actionpack (>= 3.0)
      activesupport (>= 3.0)
      railties (>= 3.0)
      rspec-core (~> 3.5.0)
      rspec-expectations (~> 3.5.0)
      rspec-mocks (~> 3.5.0)
      rspec-support (~> 3.5.0)
    rspec-support (3.5.0)
    safe_yaml (1.0.4)
    sass (3.4.23)
    sass-rails (5.0.6)
      railties (>= 4.0.0, < 6)
      sass (~> 3.1)
      sprockets (>= 2.8, < 4.0)
      sprockets-rails (>= 2.0, < 4.0)
      tilt (>= 1.1, < 3)
    select2-rails (3.5.9.1)
      thor (~> 0.14)
    shipwire (2.0.0)
      deep_merge (~> 1.0.0)
      faraday (~> 0.9.1)
      faraday_middleware (~> 0.10.0)
      recursive-open-struct (~> 0.6.4)
    sixarm_ruby_unaccent (1.1.1)
    sprockets (3.7.1)
      concurrent-ruby (~> 1.0)
      rack (> 1, < 3)
    sprockets-rails (3.2.0)
      actionpack (>= 4.0)
      activesupport (>= 4.0)
      sprockets (>= 3.0.0)
    sqlite3 (1.3.13)
    state_machines (0.4.0)
    state_machines-activemodel (0.4.0)
      activemodel (>= 4.1, < 5.1)
      state_machines (>= 0.4.0)
    state_machines-activerecord (0.4.0)
      activerecord (>= 4.1, < 5.1)
      state_machines-activemodel (>= 0.3.0)
    stringex (1.5.1)
    thor (0.19.4)
    thread_safe (0.3.5)
    tilt (2.0.6)
    truncate_html (0.9.3)
    twitter_cldr (3.6.0)
      camertron-eprun
      cldr-plurals-runtime-rb (~> 1.0)
      tzinfo
    tzinfo (1.2.2)
      thread_safe (~> 0.1)
    vcr (3.0.3)
    versioncake (3.2.0)
      actionpack (>= 3.2)
      activesupport (>= 3.2)
      railties (>= 3.2)
      tzinfo
    webmock (2.3.2)
      addressable (>= 2.3.6)
      crack (>= 0.3.2)
      hashdiff
    websocket-driver (0.6.5)
      websocket-extensions (>= 0.1.0)
    websocket-extensions (0.1.2)

PLATFORMS
  ruby

DEPENDENCIES
  factory_girl (~> 4.4)
  ffaker
  mysql2
  pg
  rails-controller-testing
  rspec-rails (~> 3.0)
  solidus!
  solidus_shipwire!
  sqlite3
  vcr (~> 3.0)
  webmock (~> 2.1)

BUNDLED WITH
   1.12.5
